GIT
  remote: http://github.com/alexbartlow/rack-coffee.git
  revision: 0fe39e985cae7dd19f6d01963e4620116c300871
  specs:
    rack-coffee (0.9.1)
      rack

GEM
  remote: http://rubygems.org/
  specs:
    coffee-script (2.2.0)
      coffee-script-source
      execjs
    coffee-script-source (1.1.3)
    daemons (1.1.4)
    eventmachine (0.12.10)
    execjs (1.2.9)
      multi_json (~> 1.0)
    libv8 (3.3.10.2)
    multi_json (1.0.3)
    rack (1.3.5)
    rack-protection (1.1.4)
      rack
    sinatra (1.3.1)
      rack (~> 1.3, >= 1.3.4)
      rack-protection (~> 1.1, >= 1.1.2)
      tilt (~> 1.3, >= 1.3.3)
    therubyracer (0.9.9)
      libv8 (~> 3.3.10)
    thin (1.3.1)
      daemons (>= 1.0.9)
      eventmachine (>= 0.12.6)
      rack (>= 1.0.0)
    tilt (1.3.3)

PLATFORMS
  ruby

DEPENDENCIES
  coffee-script
  rack-coffee!
  sinatra
  therubyracer
  thin
